GEM
  remote: https://rubygems.org/
  specs:
    cmdparse (3.0.7)
    geom2d (0.4.1)
    hexapdf (0.33.0)
      cmdparse (~> 3.0, >= 3.0.3)
      geom2d (~> 0.4, >= 0.4.1)
      openssl (>= 2.2.1)
    openssl (3.2.0)
    redcarpet (3.6.0)

PLATFORMS
  arm64-darwin-21

DEPENDENCIES
  hexapdf
  redcarpet

BUNDLED WITH
   2.3.22
